##TITLE=Parameter List, ParaVision 360 V3.6
##JCAMPDX=4.24
##DATATYPE=Parameter Values
##ORIGIN=Bruker BioSpin GmbH & Co. KG
##OWNER=nmrsu
$$ Write Options: Symbolic Enums, RLE encoded arrays, symbol visibility
$$ 2025-07-16 14:30:38.102 +0200  nmrsu@czc2317wsn
$$ /opt/nmrdata/PV-360.3.6/data/nmrsu/20250716_133539_K37_K_RAS_1_1/6/pdata/2/visu_pars
$$ process /opt/PV-360.3.6/prog/bin/parxserver
##$VisuVersion=8
##$VisuUid=( 65 )
<2.16.756.5.5.200.8323328.55708.1752669037.2>
##$VisuCreator=( 65 )
<ParaVision>
##$VisuCreatorVersion=( 195 )
<360.3.6>
##$VisuCreationDate=<2025-07-16T14:30:37,046+0200>
##$VisuInstanceType=STANDARD_INSTANCE
##$VisuInstanceModality=( 65 )
<MR>
##$VisuInstanceDeIdentified=No
##$VisuCoreFrameCount=240
##$VisuCoreDim=2
##$VisuCoreSize=( 2 )
75 60
##$VisuCoreDimDesc=( 2 )
spatial spatial
##$VisuCoreExtent=( 2 )
20 20
##$VisuCoreFrameThickness=( 1 )
0.5
##$VisuCoreUnits=( 2, 65 )
<mm> <mm>
##$VisuCoreOrientation=( 40, 9 )
1 0 0 0 1 0 0 0 1 1 0 0 0 1 0 0 0 1 1 0 0 0 1 0 0 0 1 1 0 0 0 1 0 0 0 1 1 0 0 
0 1 0 0 0 1 1 0 0 0 1 0 0 0 1 1 0 0 0 1 0 0 0 1 1 0 0 0 1 0 0 0 1 1 0 0 0 1 0 
0 0 1 1 0 0 0 1 0 0 0 1 1 0 0 0 1 0 0 0 1 1 0 0 0 1 0 0 0 1 1 0 0 0 1 0 0 0 1 
1 0 0 0 1 0 0 0 1 1 0 0 0 1 0 0 0 1 1 0 0 0 1 0 0 0 1 1 0 0 0 1 0 0 0 1 1 0 0 
0 1 0 0 0 1 1 0 0 0 1 0 0 0 1 1 0 0 0 1 0 0 0 1 1 0 0 0 1 0 0 0 1 1 0 0 0 1 0 
0 0 1 1 0 0 0 1 0 0 0 1 1 0 0 0 1 0 0 0 1 1 0 0 0 1 0 0 0 1 1 0 0 0 1 0 0 0 1 
1 0 0 0 1 0 0 0 1 1 0 0 0 1 0 0 0 1 1 0 0 0 1 0 0 0 1 1 0 0 0 1 0 0 0 1 1 0 0 
0 1 0 0 0 1 1 0 0 0 1 0 0 0 1 1 0 0 0 1 0 0 0 1 1 0 0 0 1 0 0 0 1 1 0 0 0 1 0 
0 0 1 1 0 0 0 1 0 0 0 1 1 0 0 0 1 0 0 0 1 1 0 0 0 1 0 0 0 1 1 0 0 0 1 0 0 0 1 
1 0 0 0 1 0 0 0 1
##$VisuCorePosition=( 40, 3 )
-11.144871112063866 -8.2521170086202158 -10.339563501397777 
-11.144871112063866 -8.2521170086202158 -9.8395635013977767 
-11.144871112063866 -8.2521170086202158 -9.3395635013977767 
-11.144871112063866 -8.2521170086202158 -8.8395635013977767 
-11.144871112063866 -8.2521170086202158 -8.3395635013977767 
-11.144871112063866 -8.2521170086202158 -7.8395635013977758 
-11.144871112063866 -8.2521170086202158 -7.3395635013977758 
-11.144871112063866 -8.2521170086202158 -6.8395635013977758 
-11.144871112063866 -8.2521170086202158 -6.3395635013977758 
-11.144871112063866 -8.2521170086202158 -5.8395635013977758 
-11.144871112063866 -8.2521170086202158 -5.3395635013977758 
-11.144871112063866 -8.2521170086202158 -4.8395635013977758 
-11.144871112063866 -8.2521170086202158 -4.3395635013977758 
-11.144871112063866 -8.2521170086202158 -3.8395635013977762 
-11.144871112063866 -8.2521170086202158 -3.3395635013977762 
-11.144871112063866 -8.2521170086202158 -2.8395635013977762 
-11.144871112063866 -8.2521170086202158 -2.3395635013977762 
-11.144871112063866 -8.2521170086202158 -1.8395635013977762 
-11.144871112063866 -8.2521170086202158 -1.3395635013977762 
-11.144871112063866 -8.2521170086202158 -0.83956350139777614 
-11.144871112063866 -8.2521170086202158 -0.33956350139777614 
-11.144871112063866 -8.2521170086202158 0.16043649860222386 
-11.144871112063866 -8.2521170086202158 0.66043649860222386 
-11.144871112063866 -8.2521170086202158 1.1604364986022238 
-11.144871112063866 -8.2521170086202158 1.6604364986022238 
-11.144871112063866 -8.2521170086202158 2.1604364986022238 
-11.144871112063866 -8.2521170086202158 2.6604364986022238 
-11.144871112063866 -8.2521170086202158 3.1604364986022238 
-11.144871112063866 -8.2521170086202158 3.6604364986022238 
-11.144871112063866 -8.2521170086202158 4.1604364986022242 
-11.144871112063866 -8.2521170086202158 4.6604364986022242 
-11.144871112063866 -8.2521170086202158 5.1604364986022242 
-11.144871112063866 -8.2521170086202158 5.6604364986022242 
-11.144871112063866 -8.2521170086202158 6.1604364986022242 
-11.144871112063866 -8.2521170086202158 6.6604364986022242 
-11.144871112063866 -8.2521170086202158 7.1604364986022242 
-11.144871112063866 -8.2521170086202158 7.6604364986022242 
-11.144871112063866 -8.2521170086202158 8.1604364986022233 
-11.144871112063866 -8.2521170086202158 8.6604364986022233 
-11.144871112063866 -8.2521170086202158 9.1604364986022233
##$VisuCoreModalityOffset=( 1, 3 )
0 0 1.9042234714586499
##$VisuCoreAtsCenterDistance=367.74028115604165
##$VisuCoreDataMin=( 240 )
@240*(0)
##$VisuCoreDataMax=( 240 )
433856.8125 491787.3125 481806.1875 475426.875 345727.34375 368601.1875 
384099.40625 364520.5625 378515.34375 365755.28125 382448.8125 442686.3125 
444103 426295.875 413633.875 403082.84375 408069.59375 384475.09375 
348250.84375 334706.5625 324335.71875 313091.78125 294992.0625 300638.96875 
299309.90625 273731.9375 275520 320164.84375 283866.46875 264308.03125 
283382.875 246792.296875 160925.796875 161647.109375 86153.28125 
93546.3359375 103944.40625 99149.7890625 91447.2265625 95243.09375 
24369.373046875 70265.390625 110407.2109375 78407.75 26839.97265625 
56323.5390625 28725.45703125 19344.37109375 28026.630859375 14445.47265625 
23329.3828125 14666.0107421875 15540.9609375 19824.783203125 13173.92578125 
15109.6181640625 12163.8388671875 10977.2509765625 28160.7421875 
15979.8095703125 12729.8564453125 9247.0263671875 7481.10009765625 
9699.7783203125 7568.84326171875 6775.90185546875 9218.888671875 
67188.0546875 12218.3798828125 33506.22265625 15460.6875 22814.654296875 
34947.578125 1380434051072 10566.0185546875 6217.17529296875 1005627179008 
6334.21484375 45085.69921875 6479.85205078125 0.0045245140790939331 
0.024075379595160484 0.024075379595160484 0.021827526390552521 
0.0051524946466088295 0.0094993915408849716 0.0039524268358945847 
0.004536645021289587 0.004995263647288084 0.0035868955310434103 
0.0051195481792092323 0.0027922752778977156 0.0042178151197731495 
0.0054309871047735214 0.0024018492549657822 0.0037354654632508755 
0.0032568706665188074 0.0032270727679133415 0.009094608947634697 
0.0032752910628914833 0.0035856799222528934 0.0026846120599657297 
0.0030118217691779137 0.0035606070887297392 0.0031927733216434717 
0.0027450809720903635 0.0036781048402190208 0.017573457211256027 
0.0028197576757520437 0.015108869411051273 0.0081324847415089607 
0.015808796510100365 0.017371019348502159 0.024042228236794472 
0.0046378271654248238 0.0040672156028449535 0.023977208882570267 
0.0067028244957327843 0.024071931838989258 0.0041969907470047474 
0.0009178522159345448 0.0037323932629078627 0.004120218101888895 
0.0041681891307234764 0.0011179693974554539 0.0021738489158451557 
0.0015400944976136088 0.0010262628784403205 0.00099965115077793598 
0.00062755320686846972 0.00099386950023472309 0.00046908447984606028 
0.0006017250707373023 0.00087146635632961988 0.0006133593269623816 
0.00079712318256497383 0.00024404244322795421 0.0004655015654861927 
0.0021969815716147423 0.00023968734603840858 0.00057208607904613018 
0.00028478266904130578 0.00036438845563679934 0.00040646130219101906 
0.00030280486680567265 0.00029223112505860627 0.00038330323877744377 
0.0034661353565752506 0.00077390961814671755 0.0027645558584481478 
0.0016765610780566931 0.0026498332154005766 0.0040508401580154896 
1224271200256 0.0010821925243362784 0.00066676858114078641 849136517120 
0.0014318327885121107 1168791961600 0.00084953219629824162 40109826048 
102785212416 107875041280 68877508608 48283045888 51399344128 54473519104 
69547540480 42159403008 58378477568 69095825408 62890926080 48384413696 
35178991616 28791457792 36288757760 27732307968 26552303616 22510497792 
21323526144 19488135168 18241202176 18546151424 22621063168 15873433600 
11161537536 13922834432 12445373440 14882683904 15986266112 10333889536 
10049204224 9348536320 14809473024 4679597056 3363118336 7859271168 
4876421120 10616532992 5760045568 @40*(1)
##$VisuCoreDataOffs=( 240 )
@240*(0)
##$VisuCoreDataSlope=( 240 )
@240*(1)
##$VisuCoreDataUnits=( 6, 65 )
<> <> <mm2/s> <mm2/s> <> <>
##$VisuCoreFrameType=( 1 )
REAL_IMAGE
##$VisuFGElemComment=( 7, 65 )
<A0 1 B 42> <Signal Intensity> <σ of Signal Intensity> <Apparent Diffusion 
Coefficient> <σ of Apparent Diffusion Coefficient> <Fit χ²> <Fit Valid>
##$VisuCoreSlicePacksDef=(0, 1)
##$VisuCoreSlicePacksSlices=( 1 )
(0, 40)
##$VisuCoreSlicePacksSliceDist=( 1 )
0
##$VisuCoreWordType=_32BIT_FLOAT
##$VisuCoreByteOrder=littleEndian
##$VisuFGOrderDescDim=2
##$VisuFGOrderDesc=( 2 )
(40, <FG_SLICE>, <>, 0, 2) (6, <FG_ISA>, <Parameters>, 2, 2)
##$VisuGroupDepVals=( 4 )
(<VisuCoreOrientation>, 0) (<VisuCorePosition>, 0) (<VisuFGElemComment>, 1) 
(<VisuCoreDataUnits>, 0)
##$VisuSubjectName=( 65 )
<K37^^^^>
##$VisuSubjectId=( 65 )
<K37>
##$VisuSubjectUid=( 65 )
<2.16.756.5.5.200.8323328.13912.1752583078.4893>
##$VisuSubjectInstanceCreationDate=(1752583078, 889, 120)
##$VisuSubjectBirthDate=( 9 )
<20250707>
##$VisuSubjectSex=UNKNOWN
##$VisuSubjectType=Quadruped
##$VisuStudyUid=( 65 )
<2.16.756.5.5.200.8323328.13912.1752665739.6056>
##$VisuStudyDate=<2025-07-16T13:35:39,835+0200>
##$VisuStudyId=( 65 )
<K-RAS>
##$VisuStudyNumber=1
##$VisuSubjectWeight=0.001
##$VisuStudyReferringPhysician=( 65 )
<ks, bp>
##$VisuSeriesUid=( 65 )
<2.16.756.5.5.200.8323328.13912.1752665769.6088>
##$VisuExperimentNumber=6
##$VisuProcessingNumber=2
##$VisuSeriesDate=<2025-07-16T14:30:35,519+0200>
##$VisuSubjectPosition=Head_Prone
##$VisuSeriesTypeId=( 65 )
<DERIVED_ISA>
##$VisuSeriesCreationId=VCMN_ACQUISITION
##$VisuSeriesComment=( 65 )
<Parameter maps Diffusion attenuation, bg: Otsu.>
##$VisuSeriesExperimentComment=( 65 )
<Diffusion_map_EPI_dir_SI>
##$VisuSeriesReferences=( 1 )
(</opt/nmrdata/PV-360.3.6/data/nmrsu>, <20250716_133539_K37_K_RAS_1_1>, 6, 1, 
<2.16.756.5.5.200.8323328.13912.1752665769.6088>, <ACQ_BRUKER_PVM>, <>)
##$VisuSeriesFrameOfReferenceUid=( 65 )
<2.16.756.5.5.200.8323328.13912.1752665739.6056>
##$VisuManufacturer=( 65 )
<Bruker BioSpin GmbH & Co. KG>
##$VisuAcqSoftwareVersion=( 65 )
<PV-360.3.6>
##$VisuInstitution=( 65 )
<Uniwersytet Jagiellonski>
##$VisuStation=( 65 )
<Remote Instrument>
##$VisuSystemOrderNumber=( 65 )
<5065694>
##$VisuAcqDate=<2025-07-16T14:24:21,462+0200>
##$VisuAcqSequenceName=( 40 )
<Bruker:DtiEpi>
##$VisuAcquisitionProtocol=( 65 )
<Diffusion_map_EPI>
##$VisuAcqScanTime=222000
##$VisuAcqFrameNumbers=( 240 )
0 20 1 21 2 22 3 23 4 24 5 25 6 26 7 27 8 28 9 29 10 30 11 31 12 32 13 33 14 
34 15 35 16 36 17 37 18 38 19 39 0 20 1 21 2 22 3 23 4 24 5 25 6 26 7 27 8 28 
9 29 10 30 11 31 12 32 13 33 14 34 15 35 16 36 17 37 18 38 19 39 0 20 1 21 2 
22 3 23 4 24 5 25 6 26 7 27 8 28 9 29 10 30 11 31 12 32 13 33 14 34 15 35 16 
36 17 37 18 38 19 39 0 20 1 21 2 22 3 23 4 24 5 25 6 26 7 27 8 28 9 29 10 30 
11 31 12 32 13 33 14 34 15 35 16 36 17 37 18 38 19 39 0 20 1 21 2 22 3 23 4 
24 5 25 6 26 7 27 8 28 9 29 10 30 11 31 12 32 13 33 14 34 15 35 16 36 17 37 
18 38 19 39 0 20 1 21 2 22 3 23 4 24 5 25 6 26 7 27 8 28 9 29 10 30 11 31 12 
32 13 33 14 34 15 35 16 36 17 37 18 38 19 39
##$VisuCardiacSynchUsed=No
##$VisuRespSynchUsed=No
##$VisuAcqNumberOfAverages=1
##$VisuAcqRepetitionTime=( 1 )
6000
##$VisuCoilReceiveName=( 65 )
<RF SUC 300 1H LNA AV3>
##$VisuCoilReceiveManufacturer=( 65 )
<BMRIDE>
##$VisuCoilReceiveType=SURFACE_COIL
##$VisuCoilReceiveIsQuadrature=No
##$VisuCoilTransmitName=( 65 )
<RF RES 300 1H 103/082 QSN TR AD SL>
##$VisuCoilTransmitManufacturer=( 65 )
<BMRIDE>
##$VisuCoilTransmitType=MULTICOIL
##$VisuCoilTransmitIsQuadrature=Yes
##$VisuCoilTransmitMultiName=( 2 )
(<Element 1>, Yes) (<Element 2>, Yes)
##$VisuAcqEchoTrainLength=40
##$VisuAcqImagingFrequency=300.32999324084864
##$VisuAcqImagedNucleus=( 8 )
<1H>
##$VisuAcqPixelBandwidth=4040.4040404040406
##$VisuAcqFlipAngle=90
##$VisuMrAcqFlipAngleVariable=No
##$VisuAcqSize=( 2 )
75 40
##$VisuAcqImageSizeAccellerated=Yes
##$VisuAcqGradEncoding=( 2 )
read_enc phase_enc
##$VisuAcqEchoTime=( 1 )
21.800000000000001
##$VisuAcqAntiAlias=( 2 )
1 1
##$VisuAcqEchoSequenceType=GradientEcho
##$VisuAcqSpinsVelocityEncoded=No
##$VisuAcqHasTimeOfFlightContrast=No
##$VisuAcqIsEpiSequence=Yes
##$VisuAcqSpectralSuppression=FatSuppression
##$VisuAcqKSpaceTraversal=RectilinearTraversal
##$VisuAcqEncodingOrder=( 2 )
LinearEncoding LinearEncoding
##$VisuAcqKSpaceTrajectoryCnt=0
##$VisuAcqKSpaceFiltering=( 2 )
DICOM_NONE DICOM_NONE
##$VisuAcqFlowCompensation=FlowNone
##$VisuAcqSpoiling=GradientSpoiled
##$VisuAcqSaturation=( 1 )
(FovSaturation, 7, -0 -1 0, -0 -10.858049868506955 0)
##$VisuAcqPartialFourier=( 2 )
1 1.5
##$VisuAcqParallelReductionFactor=( 2 )
1 1
##$VisuAcqMagnetizationTransfer=No
##$VisuAcqBloodSignalNulling=No
##$VisuAcqDiffusionBMatrix=( 1, 9 )
4.2480132424658672 4.0780927127672202 -11.55959965478891 4.0780927127672202 
3.9149690042565197 -11.09721566859732 -11.55959965478891 -11.09721566859732 
33.373225643108185
##$VisuAcqDiffusionGradOrient=( 1, 3 )
0 0 0
##$VisuMagneticFieldStrength=7.0539739111435695
##$VisuMrMultiSpinEcho=No
##$VisuMrMultiPlanar=No
##$VisuMrSteadyStatePulse=MR_ST_TRANSVERSE
##$VisuMrSegmentedKSpaceTraversal=MR_SKST_FULL
##$VisuMrCoverageOfKSpace=MR_CKS_FULL
##$VisuMrPercentSampling=66.666666666666657
$$ @vis= Visu VisuInstance VisuVersion VisuUid VisuCreator VisuCreatorVersion
$$ @vis= VisuCreationDate VisuInstanceType VisuInstanceModality
$$ @vis= VisuInstanceDeIdentified VisuCore VisuCoreFrameCount VisuCoreDim
$$ @vis= VisuCoreSize VisuCoreDimDesc VisuCoreExtent VisuCoreFrameThickness
$$ @vis= VisuCoreUnits VisuCoreOrientation VisuCorePosition
$$ @vis= VisuCoreModalityOffset VisuCoreAtsCenterDistance VisuCoreDataMin
$$ @vis= VisuCoreDataMax VisuCoreDataOffs VisuCoreDataSlope VisuCoreDataUnits
$$ @vis= VisuCoreFrameType VisuFGElemComment VisuCoreSlicePacksDef
$$ @vis= VisuCoreSlicePacksSlices VisuCoreSlicePacksSliceDist VisuPixel
$$ @vis= VisuCoreWordType VisuCoreByteOrder VisuFrameOrderDesc
$$ @vis= VisuFGOrderDescDim VisuFGOrderDesc VisuGroupDepVals VisuSubject
$$ @vis= VisuSubjectName VisuSubjectId VisuSubjectUid
$$ @vis= VisuSubjectInstanceCreationDate VisuSubjectBirthDate VisuSubjectSex
$$ @vis= VisuSubjectType VisuStudy VisuStudyUid VisuStudyDate VisuStudyId
$$ @vis= VisuStudyNumber VisuSubjectWeight VisuStudyReferringPhysician
$$ @vis= VisuSeries VisuSeriesUid VisuExperimentNumber VisuProcessingNumber
$$ @vis= VisuSeriesDate VisuSubjectPosition VisuSeriesTypeId
$$ @vis= VisuSeriesCreationId VisuSeriesComment VisuSeriesExperimentComment
$$ @vis= VisuSeriesReferences VisuSeriesFrameOfReferenceUid VisuContrastAgent
$$ @vis= VisuEquipment VisuManufacturer VisuAcqSoftwareVersion VisuInstitution
$$ @vis= VisuStation VisuSystemOrderNumber VisuAcq VisuAcqDate
$$ @vis= VisuAcqSequenceName VisuAcquisitionProtocol VisuAcqScanTime
$$ @vis= VisuAcqFrameNumbers VisuCardiacSynchUsed VisuRespSynchUsed
$$ @vis= VisuAcqNumberOfAverages VisuMxi VisuAcqRepetitionTime VisuCoilReceive
$$ @vis= VisuCoilReceiveName VisuCoilReceiveManufacturer VisuCoilReceiveType
$$ @vis= VisuCoilReceiveIsQuadrature VisuCoilTransmit VisuCoilTransmitName
$$ @vis= VisuCoilTransmitManufacturer VisuCoilTransmitType
$$ @vis= VisuCoilTransmitIsQuadrature VisuCoilTransmitMultiName VisuMri
$$ @vis= VisuAcqEchoTrainLength VisuAcqImagingFrequency VisuAcqImagedNucleus
$$ @vis= VisuAcqPixelBandwidth VisuAcqFlipAngle VisuMrAcqFlipAngleVariable
$$ @vis= VisuAcqSize VisuAcqImageSizeAccellerated VisuAcqGradEncoding
$$ @vis= VisuAcqEchoTime VisuAcqAntiAlias VisuAcqEchoSequenceType
$$ @vis= VisuAcqSpinsVelocityEncoded VisuAcqHasTimeOfFlightContrast
$$ @vis= VisuAcqIsEpiSequence VisuAcqSpectralSuppression
$$ @vis= VisuAcqKSpaceTraversal VisuAcqEncodingOrder
$$ @vis= VisuAcqKSpaceTrajectoryCnt VisuAcqKSpaceFiltering
$$ @vis= VisuAcqFlowCompensation VisuAcqSpoiling VisuAcqSaturation
$$ @vis= VisuAcqPartialFourier VisuAcqParallelReductionFactor
$$ @vis= VisuAcqMagnetizationTransfer VisuAcqBloodSignalNulling
$$ @vis= VisuAcqDiffusionBMatrix VisuAcqDiffusionGradOrient
$$ @vis= VisuMagneticFieldStrength VisuMrMultiSpinEcho VisuMrMultiPlanar
$$ @vis= VisuMrSteadyStatePulse VisuMrSegmentedKSpaceTraversal
$$ @vis= VisuMrCoverageOfKSpace VisuMrPercentSampling VisuMrs
##END=
$$ File finished by PARX at 2025-07-16 14:30:38.103 +0200
