##TITLE=Parameter List, ParaVision 360 V3.6
##JCAMPDX=4.24
##DATATYPE=Parameter Values
##ORIGIN=Bruker BioSpin GmbH & Co. KG
##OWNER=nmrsu
$$ Write Options: Symbolic Enums, RLE encoded arrays, symbol visibility
$$ 2025-07-16 14:30:43.972 +0200  nmrsu@czc2317wsn
$$ /opt/nmrdata/PV-360.3.6/data/nmrsu/20250716_133539_K37_K_RAS_1_1/6/pdata/3/reco
$$ process /opt/PV-360.3.6/prog/bin/parxserver
##$RECO_abs_time=(1752669043, 841, 120)
##$RECO_base_image_uid=( 65 )
<2.16.756.5.5.200.8323328.13912.1752669038.7049>
##$RECO_fov=( 2 )
2 2
##$RECO_size=( 2 )
75 60
##$RecoAutoDerive=No
##$RecoDim=2
##$RecoSpatDim=2
##$RecoObjectsPerRepetition=920
##$RecoObjectsPerSetupStep=1600
##$RecoSortObjectsPerRepetition=40
##$RecoNumRepetitions=1
##$RecoNumOutputChan=1
##$RecoDescriptionInSliceCount=1
##$RecoDescriptionSliceCount=40
##$RecoDescriptionOutSliceCount=23
##$RecoEncodingFrames=1
##$RecoRepetitionGroupSize=37
##$RecoPreppassProcDim=4
##$RecoPreppassMultiplier=1
##$RECO_inp_order=REV_ALT_ROWS
##$RECO_inp_size=( 2 )
0 40
##$RECO_ft_size=( 2 )
75 60
##$RECO_offset=( 2, 40 )
@80*(0)
##$RECO_qopts=( 2 )
NO_QOPTS NO_QOPTS
##$RECO_wdw_mode=( 2 )
NO_WDW NO_WDW
##$RECO_lb=( 2 )
-0.5 -0.5
##$RECO_sw=( 2 )
0 1
##$RECO_gb=( 2 )
0.5 0.5
##$RECO_sbs=( 2 )
1 1
##$RECO_tm1=( 2 )
0.25 0.25
##$RECO_tm2=( 2 )
0.75 0.75
##$RECO_ft_mode=( 2 )
COMPLEX_FT COMPLEX_FT
##$RECO_pc_mode=( 2 )
FIRST_ORDER_PC FIRST_ORDER_PC
##$RECO_pc_lin=( 2 )
(0, 180) (0, 180)
##$RECO_rotate=( 2, 40 )
@40*(0.5) @40*(0.41260585043101083)
##$RECO_ppc_mode=NO_PPC
##$RECO_ppc_degree=1
##$RECO_transposition=( 920 )
@920*(0)
##$RECO_image_type=MAGNITUDE_IMAGE
##$RECO_image_threshold=0.14999999999999999
##$RECO_wordtype=_32BIT_SGN_INT
##$RECO_map_mode=ABSOLUTE_MAPPING
##$RECO_map_range=( 2 )
-2147483647 2147483647
##$RECO_map_percentile=( 2 )
1 99.900000000000006
##$RECO_map_error=0.025000000000000001
##$RECO_minima=( 920 )
110113255.89914639 85026564.749637529 96119777.226545855 23995569.041431155 
120698993.75784041 81448241.634137779 94297112.827369496 80414004.612205401 
89125460.375648588 52054327.045971356 74091926.511729777 68480672.811140388 
65806673.608447976 82238719.493292019 65515755.094802357 55377077.969118528 
103712995.56395964 61877251.244079143 55333479.027409099 59089649.977604233 
39311608.326925375 94212535.950504422 74095560.119135693 67872097.281730428 
62104473.312215179 104695733.65245156 54662183.820245296 47524334.051385 
61767684.57044819 66427014.499968015 123909252.56167179 54148920.358968578 
153914076.45282909 174882051.31201404 215838922.82828119 181709273.203574 
97306393.35689272 99539838.650935695 167723796.58840707 200834155.83204755 
-608995474.43826711 -394839283.27168918 -485324522.86228573 
-492332560.4472357 -443514865.80260855 -415765164.91991317 
-430778695.63281965 -490467664.16923881 -603885598.59375691 
-501051004.40084285 -457599597.65791035 -470575010.06044906 
-451974454.49800873 -379386701.06722808 -434130023.53413868 -516788541.908889 
-415525908.74457085 -550619743.92672098 -464788509.0893997 
-502287286.57910961 -383584375.65298319 -406108208.53273141 
-448551758.8794958 -427482064.42874795 -515076787.41693318 
-434408738.26044279 -438916367.25044829 -544442058.27504659 
-473766556.80506927 -498959140.90195906 -506767302.19911242 
-544657382.09368908 -475392174.78052557 -496566853.92051923 
-580742473.22316277 -488294993.74629414 -498682388.40682167 
-512879929.90088445 -474535028.26026291 -478335709.27558017 
7600964.6440450605 6466091.0153642567 7491874.2814761922 7666957.9152181959 
7063887.0371953007 8356898.8091280451 7429057.8398722112 9866472.2030754741 
6689276.6285846792 8329806.1699079014 7376401.45484576 7949597.1007018276 
7712320.8739689831 8501608.3254169617 7937352.5776215699 7279220.8599259583 
7676244.0543025108 7977389.218402178 7093374.9562420761 8503898.9240251463 
8827183.5656344835 8571765.7289406601 6986111.8804258713 7030889.5111760478 
8554720.1066198517 8369537.1510509634 8746514.9549030904 7224301.9808263564 
7841559.9845025633 8522280.8440072406 7866116.4956855169 8373564.6979231657 
8472771.7433140166 7355936.2191365436 6100532.304413477 6686427.9965083087 
5616907.62013778 7357523.0941789197 7936271.3314494696 6838290.9464269234 
11615351.75736027 11466706.761379424 12489005.059299663 11710594.801427038 
11489843.098347014 11375176.278249104 10729592.444449846 12566916.346141296 
12864271.548230018 12613637.719026739 13944375.302281138 11089202.716077106 
11230422.876792058 13130678.946487727 13450628.828942997 12219249.654982122 
12109289.115390666 13548546.572404202 11927246.819102658 12365039.385844545 
13235678.445110476 12425511.008715738 11872347.011338636 11830531.959337091 
11843983.022333585 12814762.999645937 13614004.450295694 13394533.009916088 
12578120.817414645 12485559.354911955 11229067.772924673 12276554.599735375 
12038804.114326067 12327075.700060811 13378595.463524917 12030536.166540988 
8996630.8930996545 10881097.13856075 11582482.674474083 11958969.993656937 
-653787366.94350731 -605954342.73720884 -763312380.85363543 
-543006601.98416829 -610652499.39926505 -538982716.14015591 
-677522288.89776027 -667111138.81932127 -638861816.59973073 
-610074120.44463098 -623597796.56565058 -581012980.30611789 
-722295288.59765542 -592983571.92088401 -532043168.64048553 
-525828825.07266003 -705076466.89233863 -605436606.18437028 
-588397657.82319748 -571184260.28318036 -616186354.57439768 
-612065460.90602815 -541338221.93326724 -603371881.21003914 
-553221023.53496158 -535532006.33904892 -667960200.61262381 
-630516393.11732841 -556434147.89500129 -607248835.30021191 
-594148359.09373605 -632827879.69887352 -646424176.8599633 
-629885713.86789823 -646794103.71089411 -590355728.54392779 
-645693588.08447993 -724811968.77479219 -672803944.66637778 
-639457593.03894103 -767700733.96699405 -638694480.01129222 
-620014496.9356879 -676279919.50307262 -695801833.60550487 
-670176502.82624149 -631415364.29680419 -585883144.26779509 
-667908624.09656179 -714846815.53495169 -724354338.38595307 
-698562082.70328021 -565434542.05034184 -650840853.46732318 
-606354320.08277202 -593816726.51622128 -715789980.14199042 
-571294648.98337555 -760948146.42432046 -609735697.32198501 
-585877538.90320122 -638387881.5709697 -629041490.84487879 
-598644090.86895013 -665003796.23003113 -679536560.6939162 
-594761524.63040197 -720646679.24519122 -784276255.10847437 
-710679971.48504412 -627035018.55490983 -616488374.64259493 
-686869686.21517432 -698627768.12611985 -661683102.14317858 
-701479008.61234903 -687654658.58486187 -726119678.09948564 
-607529269.85599947 -699749099.85200536 -742798108.25437975 
-613312621.33235896 -578203806.60113859 -588676702.62514639 
-654925166.41588676 -562162117.81890821 -593751002.9696126 
-556775868.26835239 -604530843.67065632 -694418103.37327933 
-615910720.46693206 -588781070.5496707 -610103905.91269183 
-666549979.94494641 -625672213.32823896 -528464303.26181263 
-507071046.18792021 -556961217.39161587 -598890873.24869227 
-645176271.95136678 -656030499.66381168 -584429119.5345943 
-524742562.16683036 -648860470.61532164 -636840654.21281207 
-589122871.89598691 -615002935.74761915 -570360557.65814996 
-665484231.05157733 -553130348.702142 -610184556.0859499 -870364643.20576656 
-710370717.1539886 -702923379.16005206 -642446904.09692955 
-693694556.06667459 -656672213.26420808 -682005006.91157436 
-625516394.73357701 -721589193.21490681 -1558926644.632859 -1771014190.337729 
-1871058119.1575692 -1754851967.8752911 -1646957361.7887759 
-1637025966.7099102 -2019539603.7809803 -1620389457.402498 -1742341664.565331 
-1560111693.6012163 -1490549660.7620578 -1671744996.6003969 
-1637450220.003268 -1766119179.5206809 -1354163803.111022 -1414496543.3313758 
-1728324078.6438575 -1611456383.9733465 -1511622940.7347116 
-1945777849.870424 -1844654747.1936493 -1910511848.8259008 
-1346358623.0238349 -1651702755.2124596 -1792526925.6502435 
-1550993582.5250413 -1545605693.4956925 -1828632028.5358949 
-1461489898.5506005 -1949411297.9142869 -1724791954.0536268 
-1554722588.8056312 -1834648823.5425234 -1668686311.8409803 
-1895370241.9621668 -1701474212.7908332 -1619418378.2239261 
-1790067321.701524 -1600700499.2678425 -1572221524.7840312 
-1166378078.1172125 -1185453190.0812979 -1312212850.8174882 
-1251276930.7069914 -1391407049.7769713 -1212919965.506222 
-1196806256.4021301 -1455711632.1696608 -1210349950.9509733 
-1380939332.6116672 -1172931869.8294578 -1235689448.0783315 
-1194302032.1567609 -1344965836.6668572 -1327619954.8232684 
-1358038391.1240265 -1470266019.9481466 -1265623466.5540404 
-1283251660.956073 -1193835331.3945994 -1258103542.6661901 
-1361169815.6336753 -1323540035.1230743 -1297024298.870682 
-1048469479.0867934 -1303118175.2379427 -1160485252.1928835 
-1195485649.3040273 -1389270928.9503081 -1483518331.752903 
-1247210638.1655734 -1207713801.1380081 -1374539513.0086451 
-1456029260.4459317 -1312904402.8274307 -1227438158.4102373 
-1283025158.3893585 -1235286067.8447037 -1227750640.4683735 
-1233256070.9350648 -1477805274.4840572 -1649427725.0024052 
-1792466457.9057002 -1837992729.0192232 -1741540108.3277292 
-1856448138.1229367 -1634710991.7224541 -1778228458.9417186 
-1704940686.3525884 -1615326694.5672362 -1765052179.3580947 
-1779510177.3087626 -1687815854.0315728 -1656098852.5193102 
-1710942947.2315993 -1520552901.5551522 -1566101980.3210294 
-1659891101.7616708 -1684513577.2603905 -1838332931.7778015 
-1505750834.751128 -1610647913.241966 -1713293715.5295775 -1437357238.3255675 
-1905996474.6667807 -1619522826.0911374 -1503298095.6693699 
-1447550213.7227366 -1511359307.7307186 -1657555963.582037 
-1329324116.6501472 -1661691430.1512794 -1886263813.0034058 
-1978475738.0253518 -1669872312.6839943 -1643779575.3960309 
-1735037290.9729984 -1569666683.6054716 -1585998205.9910061 
-1690319968.4882996 -170328257.65258485 -117353649.74624069 
-110552199.60139579 -130692471.64440838 -186333579.88806272 
-152150699.95337063 -173532008.21967539 -174936970.07573158 
-243831697.95329693 -244070228.68829966 -179360829.77170071 
-154424650.11866742 -144779735.10889909 -197160428.49337193 
-165074973.27573031 -237352435.21353364 -110327824.02882479 
-172268996.63630077 -166975670.11635131 -100134677.04399733 
-98531217.109114259 -104814348.33203547 -209988301.91459152 
-186081004.05776089 -138367363.52780175 -197492740.53622907 
-172968342.81178904 -157205316.99190718 -195915212.48920503 
-203820776.62972468 -211940340.35613656 -207951241.98441029 
-158081189.28402078 -237045944.02372536 -292386331.86707246 
-174407315.95216021 -172946529.28966874 -322662395.19976777 
-209933981.83288527 -182137981.46380961 -621723496.66488349 
-476190494.34822983 -501558194.7053715 -653275169.98682952 
-533073262.62563652 -471200791.2825141 -626624855.35089397 
-510233908.19386637 -655974713.45033634 -598844234.14635813 
-548212629.76346827 -571842304.72714913 -577783123.12189221 
-540408207.05782342 -612522009.98084176 -544560276.81774926 
-571765842.95376563 -543114817.20915186 -578246563.01318157 
-579701394.00368011 -549419571.12515807 -533685093.62228817 
-711059640.58991027 -528426639.64753592 -681695679.03972435 
-563492194.98564792 -538541040.47713077 -609923212.91395795 
-559690289.40326095 -534989163.44382036 -682618834.24464464 
-682356284.93124259 -666157268.02818763 -567760244.32418358 
-623540265.84099269 -535329877.55800319 -575652018.31095433 
-587122721.34025872 -633791559.43175387 -571612411.53443718 
-1113808473.1184347 -1073452225.7596045 -1267110326.018568 -1082336473.460959 
-995927703.44625127 -1021461577.6674348 -1130915290.2928586 
-1032385765.7589048 -1032624725.3186041 -1228678829.3187804 
-1071153499.0754222 -1045225355.5053986 -1057899326.7829305 
-1087640803.7629428 -1071527057.4098829 -1176612106.8240235 
-1106423202.1423876 -1088786740.36501 -1078607570.3166416 -1239830481.879868 
-984118663.42730677 -963100486.93890655 -1075179796.5563302 
-1134569813.188355 -1128586867.7639043 -1069111112.5506544 
-1072246263.3944219 -1095670031.6141262 -1147415090.7506061 -1102893398.31143 
-1063292753.3353647 -1227403479.1813903 -1202894748.7810655 
-1340146776.4526691 -1116689168.3287108 -1076087596.2020113 
-1174593178.4276667 -1134205019.1176999 -1096515414.1092298 
-1282165551.1834352 -2147452590.5364146 -2147388820.499861 
-2146280295.7326086 -2146706420.5314615 -2147310682.8798373 
-2146873504.9122448 -2146537848.1259732 -2147391898.0687566 
-2147480575.8826923 -2147137521.0188243 -2147369436.1927302 
-2147130893.0382776 -2147146881.8790245 -2147200469.9910154 -2147483646.5 
-2147068622.4829495 -2146909045.1626294 -2146668800.554322 
-2147103677.5226464 -2147053032.2802727 -2146712055.8930459 
-2146167950.6617417 -2147380912.3245151 -2147114466.7881088 
-2146916303.006361 -2146786144.4782858 -2146601227.3799996 
-2147462439.9038966 -2147454926.0046315 -2147448349.6324773 
-2146718979.0143135 -2146838173.2429023 -2147433356.1412799 
-2147415369.2641993 -2146831478.5130374 -2147117794.9578216 
-2147187122.3262384 -2147263188.5822182 -2147292621.5291116 
-2146891896.1499498 -2146837397.0153491 -2146845034.6687973 
-2147238313.6814008 -2147464803.9716551 -2144158697.6858783 
-2146138479.9633729 -2146962316.1964862 -2146769283.0783911 
-2144907270.8431728 -2147422131.2550557 -2145965474.0906184 
-2146461652.9369447 -2145513707.4825251 -2147461802.5391428 
-2146265789.8097758 -2147173918.946847 -2146645315.215816 -2145982216.8130333 
-2146101072.7501662 -2147349785.3544707 -2147374939.9715261 
-2147085849.6704807 -2147198141.2125442 -2147019243.0466411 
-2144558096.8218498 -2146150642.6797895 -2147366282.7949746 
-2146478916.2597704 -2146752128.928925 -2146888887.1519091 
-2147430051.2892718 -2144869620.4738863 -2147375386.0452828 
-2147448214.4945393 -2145017458.510422 -2144839406.3311093 
-2147382431.6995783 -2147321655.872602 -2147453351.1612625 
-2146234905.2729414 -2137809851.318507 -2139487801.1992469 
-2142082735.2871091 -2146132918.4522443 -2146300732.212867 
-2143875262.8984044 -2145217969.139466 -2145515178.4865274 
-2144116393.0383685 -2147064268.2766771 -2141744080.4420898 
-2144113815.0516486 -2139175277.4025686 -2137858345.5477185 
-2137561848.3126748 -2144634571.204469 -2146403184.3330958 
-2140350514.8554809 -2141826699.5931926 -2146068386.4452434 
-2146146128.2849681 -2140167066.3172016 -2138797246.1917825 
-2147414361.1661119 -2142937002.66611 -2146213229.2863293 -2144002145.9443004 
-2140715792.4505525 -2142745757.0059702 -2146026672.8131762 
-2144671715.2753754 -2143473802.1537571 -2144136569.1701112 
-2138058545.6643877 -2137958969.0716975 -2146713149.1903322 
-2141598478.5929255 -2144955305.6775808 -2145997912.9729271 
-2147343470.483304 -2146782473.9800744 -2141899379.0653429 -2146473001.067153 
-2146951455.0126698 -2146004471.1470582 -2145504211.6902425 
-2143747985.5513306 -2144292863.0866072 -2147271660.2877309 
-2144466540.1593404 -2146604907.7793887 -2147469603.7988491 
-2144084265.0192828 -2147304599.1600597 -2145329099.556067 
-2145879848.8057766 -2147312847.1761909 -2147425085.4493818 
-2147060089.5283935 -2146732956.3563988 -2145732601.989804 
-2146436532.2786958 -2143175248.1141927 -2146605938.7266583 
-2143168315.3893821 -2145107964.3143308 -2146948016.9315252 
-2135956620.6038284 -2146927917.4370368 -2143403097.8630433 
-2147470423.3617046 -2146644930.8151884 -2147445678.9439499 
-2147223047.7271118 -2141889114.3403034 -2145982113.2706897 
-2146533176.1213481 -2147338824.654428 -2145358521.5626605 
-2147289616.3703287 -2145773480.3861663 -2147428996.50542 -2145657034.8225615 
-2146322660.7166061 -2146523668.7895579 -2145706617.9648871 
-2146830433.7697003 -2145951139.4726453 -2147162352.8499947 
-2145713659.961657 -2147142248.7922406 -2147033526.5376661 
-2146594297.7424626 -2147158917.4165106 -2147241739.9440868 
-2147469096.538249 -2146323851.4736857 -2145562388.0371201 
-2146804915.3116093 -2146875885.6555555 -2145426203.1326783 
-2145886777.7540314 -2146609924.525703 -2144601791.4952478 -2147483646.5 
-2146672712.6550155 -2147381165.3652987 -2146908841.8881545 
-2145800728.1142471 -2146740549.8545318 -2147172788.1882381 
-2147021887.0380182 -2145810418.5612459 -2146583025.0667329 
-2146785682.6140482 -2147145848.2293348 -2146238811.466253 
-2146550369.5314615 -2147172896.8895192 -2147129953.0228214 
-2145830446.9620435 -2145404586.0041187 -2147259708.012557 
-2143309374.0998168 -2146160449.0108232 -2146001933.4425621 
-2146908009.1139042 -2146501781.3531077 -2147203672.8876059 
-2146811840.5984042 -2147483646.5 -2147290166.8280292 -2146934664.2843847 
-2145755142.4611552 -2146407442.4988179 -2145918868.3027773 
-2145703841.164993 -2146934132.7133527 -2147477961.8909509 
-2147356272.6566641 -2146619383.9820914 -2146973866.2147031 
-2147408385.0543172 -2147150779.7173681 -2146235921.9992976 
-2146808634.1644411 -2146502878.0263622 -2147381826.0824742 
-2145797467.6192164 -2146561163.3770223 -2146528214.5515969 
-2145038854.9751446 -2141555913.333544 -2146259259.7846203 -2143325621.190726 
-2147347377.8523138 -2146980123.9046159 -2147276551.1638861 
-2143748477.5261831 -2143079800.5641084 -2145559052.4132252 
-2141795356.6516895 -2145940232.6409523 -2145656270.9683003 
-2145655764.2364597 -2143583602.3399911 -2141689024.2852137 
-2145411025.0160944 -2145143186.8777173 -2142998484.70889 -2146074717.3864999 
-2146882606.7786624 -2141926293.9335995 -2140232443.5157273 
-2146564231.4075582 -2145945290.633599 -2147128544.3212509 -2141684186.232326 
-2139436006.7771401 -2147403346.2316148 -2144612058.4795702 
-2146560807.7790961 -2146817543.8259356 -2147264175.2464442 
-2140347864.018158 -2146304582.982394 -2146369159.0383356 -2146895711.1062117 
-2146270276.4930644 -2146089130.2385106 -2144063767.5354383 
-2145036273.7160544 -2146040767.6590157 -2144662850.3360558 
-2141891765.024024 -2146590336.1668348 -2145892295.020303 -2146143018.5686793 
-2147136955.4439187 -2147025005.4684911 -2147396928.0053864 
-2147148608.2818143 -2147232816.5000243 -2146793760.7749965 
-2147207597.9553046 -2147163356.8499434 -2146487066.6455152 -2146741716.73595 
-2147288954.8478484 -2146505549.5858088 -2147247722.9689958 
-2145732219.3707583 -2147451983.4560301 -2146774984.0592303 
-2146541787.2221014 -2147321165.6967919 -2147159665.5015428 
-2147220498.1828113 -2146648707.0680408 -2147408543.6001022 
-2147268602.6391659 -2146622175.1459117 -2145289752.2904694 
-2146388249.0837207 -2147483646.5 -2147453776.1138899 -2147247626.6981764 
-2145098543.8809066 -2147134835.8535268 -2147057389.3222175 
-2147370153.7514088 -2147020223.6628392 -2146017031.6073046 
-2145578188.9505358 -2147242096.8448203 -2146860723.1451511 
-2147307319.3694553 -2145780205.6851513 -2147133234.8078609 
-2147468686.0329216 -2146045965.392451 -2146651039.8389719 -2138972924.677819 
-2145510207.1076541 -2124834162.3248727 -2146100344.1327026 
-2144337859.0550148 -2146607447.799957 -2136183904.1472039 
-2141160021.9704053 -2146626878.1090937 -2147324062.8884566 
-2145326911.7826889 -2137909322.3692114 -2135268376.4006 -2146701504.2750874 
-2145360926.9504304 -2142505292.723181 -2147098610.0436399 
-2147003987.6219621 -2146793958.1837854 -2147349151.5776699 
-2146360274.4850461 -2135797926.3571179 -2146750051.3883684 
-2141338898.4942842 -2138938486.1155646 -2140800335.6976147 
-2138856678.5338092 -2142695703.907393 -2146379794.2150879 
-2142366078.8244083 -2147450697.6856561 -2141874141.6654747 
-2146438440.7294383 -2144998381.818727 -2147426172.3043828 
-2144777984.3535874 -2147292437.0326228 -2146563069.0576103 @40*(0)
##$RECO_maxima=( 920 )
2147483646.5 2147483646.4908583 2147483126.5496404 2147483645.9098582 
2147482543.9741428 2147483568.177022 2147483576.2131238 2147483632.8810716 
2147483643.6209295 2147483131.2456424 2147483638.6398656 2147483552.1372604 
2147482849.1708586 2147483616.6035647 2147483637.3551602 2147482557.9811003 
2147480447.4397118 2147474649.9944253 2147483538.3423715 2147483347.7792475 
2147482047.4092836 2147483646.1166089 2147483192.2941568 2147483164.345957 
2147483592.8020232 2147483579.5865161 2147483642.5499334 2147483472.9376493 
2147483639.179913 2147483295.6816516 2147482695.6836662 2147483533.2870355 
2147483121.5819287 2147483637.4533541 2147483065.3177359 2147483622.5050395 
2147483640.8130295 2147483619.5124907 2147483640.4566333 2147483642.7835357 
1649817634.8666418 1798668709.9322989 1731902106.7333729 2147483646.5 
1569102521.3884683 1842378223.0808342 2141173927.8284533 1727156598.7223489 
1751916788.0160875 1659321466.7109821 1754139875.9335942 1605108706.8672278 
1403950816.4296527 1516404791.2073176 1486279361.1066303 1772496066.8992159 
1883833635.1610129 2025865807.5866778 1671262098.4498367 1983032267.8550026 
1555224913.2568519 1561577448.5045776 1457218559.0594108 1529540369.5839784 
1623233466.7863317 1457544565.6113231 1547050800.6372669 1719773302.7570751 
1746936114.1816258 1620242013.3806918 1729608976.1746862 1599640478.4499218 
1378253037.1226432 1349241518.001653 1437056822.0405829 1426179366.6146655 
1505775840.4695833 1381444025.1689961 1483373420.6254816 1516760122.3395734 
1914621250.0128391 1578146125.5987704 1732809277.4717958 1675452527.2038424 
1642832094.0033283 1625193239.5368094 1702377816.6660981 1766575168.6474571 
1849058428.4581118 1762808404.2541139 1848214361.5415902 2141494907.5155478 
2147483646.5 2053038966.7937891 1994182990.4600499 1837824082.4391184 
1771518742.9299519 1668986410.2263782 1554066077.1209874 1488406632.1190588 
1576112066.9253118 1518177374.2975585 1416231387.8052106 1457502433.3182554 
1447224572.9325311 1274827586.8144906 1147908545.2399237 1199039298.701966 
1122736562.4428039 1117089359.3387659 1219852752.044543 966757318.76527441 
719140333.49929929 659860779.90454221 372128196.93476444 357077935.73599517 
366707328.18799782 354913766.20070314 349483653.26167029 295156602.06907135 
1212492297.7828059 1064081158.671144 845556006.97062147 1175207410.7185302 
1187571105.3636603 1221346408.8953459 1231386155.1696978 1279977080.8063998 
1359292593.2932692 1535406249.4374046 1796325092.3453524 2147483646.5 
2053540258.5036252 1947787891.049861 1915789561.3528228 1821477809.0650887 
1741009446.2969749 1698767942.9373899 1557104569.3365378 1522638942.880614 
1618790716.0802097 1549287592.0211222 1390478285.786618 1478274353.2497118 
1454583925.9532204 1255963985.2527757 1119805698.9993377 996882295.14784455 
845759494.87908018 658503105.69564652 610668455.5221566 500199867.8145138 
378157601.05050856 377279927.65897924 257827665.98449063 195831253.04156148 
200684886.8720392 183274149.32885534 151632553.55598459 152131090.62565887 
1751535719.1047952 2018283432.6046748 2039653026.1563606 1547670201.9194384 
1648460993.530935 1648879855.3176525 1765442676.4275005 1996097834.0180819 
1508190410.3670135 1575974355.0186598 1712001743.7253342 1671913373.2497416 
1687376992.4013669 1917332363.9218524 1548841900.3229084 1717936241.7052352 
1608156236.2806547 2101647526.4712319 1771192818.7327297 2138012129.6792619 
1817396643.928515 2134035379.2095594 1703604662.6016428 1663482962.4671793 
1786876584.3290026 1641379001.511008 1517606060.2920921 2147483646.4999998 
1818291799.960582 1663629857.8271668 1647554006.7093985 1729904577.8834968 
1621875357.3915312 1565881828.0628133 1555924497.0832176 1504742401.6601844 
1613520793.619271 1615225312.6794853 1419713273.291419 1481311914.7804134 
1456738977.4982746 1611492791.0890172 1572573950.8596125 1791603915.1392832 
1464451609.6356452 1838263453.9963298 2028583289.2422833 1613295331.5772223 
1786356262.5728652 1613430832.063457 1807372031.1634364 1584422506.9976935 
1524235499.8541253 1518896860.3280995 1790804644.3037746 1657261503.0773327 
1755599288.625252 2147483646.5 1698545385.4154842 1967452521.6388128 
1702730706.2595549 1847246904.0620298 1767682251.0455759 1860868929.1357775 
1648556098.1969674 1640117774.1074138 1585873204.9882686 1723032245.2103384 
1655080373.463501 1551792570.5289228 1672061580.6917706 1698590801.6005991 
1678244605.6588459 1656728541.4216611 1517319527.3275895 1485041642.0821402 
1498506640.0051339 1463651467.8539505 1593863692.1445212 1578667378.6545887 
1738636449.5168869 1654823793.7558458 1740813015.9893999 2147483646.5 
1782214846.3737855 2045498470.62602 1870799923.5219595 1725664761.9717124 
1721733617.3916674 1651623887.4114637 1871865902.5619235 1959192476.8965294 
1698419492.1514864 1668278997.7283566 1690136292.9345901 1723896680.0693595 
1842815788.8844035 1578406607.6895702 1766373524.2430885 1783396065.853914 
1745804560.438427 1677919760.6538391 2066566884.6630239 1820468191.942668 
1790964194.8042932 1744654369.3363657 1838165416.8241515 1714755997.4478726 
1908524415.8823812 1759565732.7174242 1817929910.069376 1641894901.9363296 
1817634368.9477777 1433447522.0846567 1599316147.5017145 1625496638.0885909 
1622452937.7472646 1632466563.5040891 1455840832.0847301 1703973898.7233856 
1864487240.8292859 1938863183.6675525 1582561756.8811395 1513012287.8715396 
1509084335.9382186 1726635820.0341742 1723783034.8730745 1574356035.4103065 
1663061239.8740456 1624140101.6029115 1638607063.9743137 1448812467.866154 
1632917333.9417922 1853894122.7759712 1662146663.8374805 1568739317.5594985 
1639987644.8617423 1645933266.3816192 1525994891.7228751 1815494693.7687528 
1394640349.2398307 1430257171.3198667 1696453587.368361 1652698299.7047873 
1469420329.5063102 1582976841.2726877 1514454845.9395375 1579393645.9996738 
1573223968.8504326 1593202141.9234834 2147483646.5 1806830152.8094687 
1799617345.3858788 1487421335.0910847 1518715501.0282044 1719523635.0868044 
1574642524.8652577 1394033185.9799314 1758862715.6416345 1410661452.7473984 
1459771219.797178 1291219244.3097534 1420166649.8129191 1433270471.9971759 
1360261047.2154074 1277346758.2299433 1257216933.0378327 1379859606.2940881 
1976165760.1684175 1302823772.8102858 1385044218.601433 1685184494.6252518 
1424732208.6841874 1415318959.2109537 1420326069.6382868 1412111657.4679301 
2147483646.5 2090376684.6796725 1291162490.3812058 1628021136.2373693 
1294857764.8006766 1636595734.3324873 1641455567.4061553 1533965955.0873761 
1269289198.3314931 1312954374.5057065 1430676325.0939214 1863937773.185025 
1348714572.9147229 1643686820.9634178 1530366388.6247039 1334600114.9872811 
1340941768.8813522 1375724772.9610751 1469190425.0685606 1386486568.1240497 
1231947437.860985 1382240504.1872451 1503090691.5905416 1286065906.7065258 
1434498256.0706427 1487264916.2990999 1499576367.9244802 1410101597.242907 
1472106785.3369594 1557029518.8211024 1257142912.2358189 1438096847.757452 
1365277737.8401203 1605494784.0540099 1529768932.6911774 1491216456.9702017 
1315881391.734308 2147483646.5 1598204083.8273568 1375259605.1073432 
1416483414.8856857 1419445245.5450706 1517934267.1327078 1676634411.1955152 
1613278921.2072241 1493736559.2311049 1796585801.3823357 1588831529.2832727 
1620111715.8208222 1434123428.851402 1341508613.2255983 1482827732.3118806 
1706986267.1806977 1548820878.0150146 1464536286.5600524 1542244479.0000076 
1357079545.4775412 1490364100.5617542 1522530602.9078159 1641365749.7114947 
1577988269.1341894 1514155290.6423888 1814140659.885493 1823541410.0065348 
1735673753.1185479 1845826294.0138938 1876935360.1355572 1958171764.3974614 
1571474770.00032 1818527754.7128654 1815391342.9896574 1749490548.9785774 
1851268058.8979208 1799672565.3414919 1787119872.8370109 1675689813.5069957 
1581505598.6063912 1679517208.4743283 1543886806.95628 1731010993.1132905 
1666890356.2250226 1893258790.9937758 1768697265.4343297 2147483646.5 
1824787496.3636587 1893390991.7129006 1757956259.2097833 1826210520.1555321 
1804617941.9374907 1537221770.0469904 1565909796.1141889 1915631445.8814974 
1739782365.1018133 1925491629.7123454 1605882151.2322626 1706966427.5090089 
1521230382.4290426 1656707860.9655297 1442048439.5323651 1517141837.011553 
1504149556.9491837 1570159148.5625851 1407864483.2840862 1495581525.0366328 
1528974903.4514191 1807157328.5885582 1777511929.8381774 1978426943.2165282 
1506893701.099571 1800439596.1318109 2045055572.7537427 1717649748.5495949 
1766471013.4307294 1664773710.3798888 1611895930.3539164 1620324334.6780648 
1544419875.9406617 1446251420.9853022 1647142828.3484633 1706028880.8030572 
1970790598.0571263 1973863164.9811187 1735383736.4014034 2147483646.5 
1541015202.2819965 1559585836.1988494 1501722940.4211595 1687617005.4753227 
1601329732.8014548 1609844709.57568 1583379968.718684 1619616999.4392366 
2069328426.5776675 1667608906.3151951 1921992663.993871 1521508403.7951286 
1401611157.8986924 1514487243.7849591 1434208563.1221666 1445165017.3329086 
1440886094.7925577 1409188093.8768358 1483061764.0332446 1698935574.2155998 
1628103878.6126862 1720913335.7141173 1773543591.7131562 1951796859.0955684 
1485828009.9440432 1732869931.5968018 2147483646.5 1545390833.6232047 
1732282883.3035169 1610162910.9947689 1596283700.6182799 1720531103.9138756 
1280806603.3914545 1344891638.7173698 1303378317.4778955 1441806103.3809133 
1722356086.8717432 1643518531.7719767 1466325575.8922877 1660601606.5553916 
1266366637.2114942 1448943056.2058403 1305968382.9537966 1272317985.802773 
1351914388.7307243 1307034112.4744446 1356111758.2417221 1507708818.0631964 
1400755084.678205 1407638884.3590829 1766505099.3763278 1435619117.5954013 
1332118303.3115251 1168351562.7304811 1379352247.159394 1336496974.6244252 
1420150540.9982409 1220397502.5372784 1341145353.2912512 1416403809.1817958 
2140382852.4400885 2143006488.0220079 2143286937.1811762 2142586303.1907101 
2146628497.9067128 2147388447.2858038 2146535475.3581285 2146170023.6594453 
2147223332.0674689 2141997466.7563605 2140272859.1510687 2145117120.1537015 
2145198316.1063068 2140684069.3381078 2144646089.0857263 2147256999.8681993 
2141312284.5026412 2147037104.175988 2146589927.6125407 2145010636.3624241 
2145472068.0327497 2146955325.6853499 2146780202.240685 2145277862.7598469 
2146758373.2418768 2141880498.0649092 2143684102.0562651 2143412151.1720681 
2141759879.7735891 2145060389.4988778 2138844519.2361615 2138914997.8625946 
2144335474.9419622 2145453692.3766177 2145510622.4059713 2144624035.9578552 
2132262653.7628429 2142761797.0149584 2146843800.052114 2144030329.4821327 
2145049632.4598308 2146678036.14816 2147250361.1686685 2145633415.2274878 
2147070321.483767 2147405854.8212221 2146934351.7945635 2145554907.121274 
2146389835.0962889 2146759555.9071493 2146460286.0296962 2146407409.4970798 
2146715993.4228857 2145984852.4383998 2145431950.9267619 2147193421.1418257 
2146144743.4140553 2146290252.460371 2147220110.6811311 2146943867.3478425 
2145226956.4543073 2147192136.9551499 2146771490.4705551 2146581621.9929445 
2146202788.47349 2146710126.2424347 2146557407.2547941 2145521461.0153413 
2146730053.7301228 2147163382.646637 2147157441.0276518 2146101500.5886109 
2147306707.2803752 2147008464.399595 2147360476.036834 2147483646.5 
2147421558.1105862 2144677552.9800444 2144366033.1387026 2147199817.3406508 
2146300001.2291067 2147206782.028132 2147468631.6867256 2146685089.8904119 
2147452122.9972956 2147391041.0387623 2146674096.2407084 2147272811.6993511 
2146936272.6573269 2147346264.2903793 2147234953.086236 2147244677.9094627 
2147444442.1661327 2147278012.0538726 2147395587.3373954 2147364828.9512599 
2147040925.5664296 2146480640.4818106 2146268127.3697789 2147425930.7125621 
2147395469.4059465 2147390059.0569878 2147174853.9783378 2147483646.5 
2147292239.9766951 2147472807.759249 2146458149.0228903 2147279137.3323264 
2147407691.8931408 2146490971.676929 2147343798.734863 2146116324.3139575 
2147345302.1814265 2147435256.1902847 2147288669.0020318 2147012505.912751 
2147009568.5498316 2147108239.6425519 2147018470.8779376 2147367196.1761193 
2147388108.1210263 2146244182.464541 2146175597.4133203 2146875081.5668182 
2146146197.3930721 2144157410.7181802 2147483646.5 2146814862.4983711 
2147012564.8924084 2145920256.8410299 2146377589.5804644 2145809203.1521072 
2146942540.0308952 2146728541.1582727 2146615888.112639 2147324432.9143624 
2145858952.8805342 2147347783.1564741 2147318448.2514057 2147180581.6908495 
2146968902.7475467 2147046392.6396382 2145808192.5365431 2147378060.3695893 
2146740268.1197407 2147143550.8327966 2147428637.8938265 2147371990.4514778 
2147435453.345181 2146647271.3337393 2147155992.4573996 2146410350.3562472 
2146610042.5873451 2145872773.3143187 2147032167.9685686 2146947925.3679931 
2147141566.1874044 2147280408.133584 2146785910.2033277 2146871544.2808635 
2146326382.4489903 2147116836.5128753 2145151650.6940629 2146252226.0565848 
2146224237.6770434 2146969122.2795837 2147213002.3212128 2144686324.5995951 
2146700643.5091212 2146966977.8448639 2144805547.5486987 2147156696.5731592 
2147403502.3231688 2145934105.5823917 2146773182.1039774 2146736248.5446746 
2145791781.2859118 2146295116.0439174 2146370809.6660874 2146158995.5656002 
2147299460.4047527 2146944904.0549798 2145710533.5708017 2146885879.7571101 
2145667323.8663812 2146438692.2744188 2146459932.7879872 2146936613.4465525 
2144136390.286236 2147476171.6288381 2145127756.0177619 2145292596.07776 
2145144576.6171088 2143726223.7126217 2146912734.4013817 2147311451.1224942 
2146927830.5890777 2145628118.1668775 2147380969.6063933 2145139802.4508727 
2147438265.5123117 2146641791.9269412 2147008165.6700735 2147080980.3898058 
2147098504.4394877 2146966235.0617826 2146923136.4221761 2147010629.8851144 
2146722477.5245211 2147457865.7397885 2147138982.9018493 2147445948.9087386 
2147428496.9496295 2146617898.1741889 2147127193.6470072 2147369648.4617436 
2146793696.6466372 2146801535.3891621 2146998164.2372451 2147105637.6333706 
2147163032.7789476 2147473559.642688 2147266238.1478584 2146796980.0229578 
2147460385.8026686 2147311265.1670763 2147372903.6413691 2146980024.4996076 
2147146000.9916391 2147227726.3449738 2146474118.0816009 2147409959.3363097 
2146338742.042315 2147381517.2150493 2146730988.7270632 2147171631.1004598 
2146493962.1716614 2146994196.0067003 2147012676.2575643 2147438272.1945097 
2147329373.7786427 2146951836.8893745 2146758567.5050256 2147077876.485271 
2144853535.0265577 2146732421.4860771 2146811250.0213625 2147251104.7313375 
2147268059.5800729 2146387296.4305003 2146139766.0008023 2147176137.6722324 
2147402057.9222751 2147265910.7413671 2146003947.0801029 2147056506.6979418 
2146884798.8977213 2147012837.6229982 2147065010.9319968 2147238845.0658963 
2147273747.5244515 2147441820.0123441 2146806509.1453691 2147249781.875293 
2147328519.1758096 2147074120.4897525 2147483646.5 2147233152.0388978 
2146768686.0726194 2147448296.2979083 2146972876.0435855 2146500766.6324377 
2146412630.3206041 2147468773.7753856 2147235770.9855976 2147444926.9408455 
2147054586.4609859 2147322662.9244707 2146980727.1811926 2146583950.8821301 
2147207853.4485648 2147470762.7797658 2147206834.8562777 2146893387.3436806 
2146854428.1059201 2147150844.3258035 2146778667.5582325 2146457808.9989645 
2147276107.4703362 2146739970.0049415 2146516672.2144146 2146790368.6238947 
2147061083.9304028 2147260207.2103062 2147149681.5950892 2146697248.3119807 
2147430599.9364138 2146949028.2846379 2147065378.0536597 2147196115.1197324 
2147464412.1141083 2145121735.8703806 2147076929.4630926 2147325255.2113945 
2146647525.4349046 2146809909.3776264 2147241756.3250926 2147203732.5084753 
2145680628.6503022 2147410174.6724768 2147151224.64728 2147178383.8893538 
2147375404.4136117 2147258620.1116109 2146482633.6445553 2146072990.4883099 
2147082216.1030273 2145143487.2545884 2147428537.7243478 2147483076.5690808 
2145758070.302779 2147346059.1598258 2146187863.256192 2146237767.3469374 
2146889955.7206123 2147466101.4741211 2147000247.7703114 2147022075.4828999 
2146497812.2530127 2144802922.3385339 2147176313.5682404 2146786323.6370337 
2145888253.9887834 2147182092.6859512 2146298188.4466622 2146852306.9116011 
2147155194.7360477 2143780416.4792614 2146225794.7793534 2147325319.7709308 
2145895377.3315153 2145860354.344316 2145867767.5820036 2147407530.3739626 
2146213633.9298787 2147099931.5288639 2147275873.7765248 2147293843.9776094 
2146546869.5741675 2147469179.7405012 2147483646.4999998 2146599834.2230148 
2147411895.8616526 2147369312.4677439 2146559711.3108902 2147340059.6742158 
2146929717.0223601 2147196131.5357652 2146925834.2113805 2147476185.2147684 
@40*(2147483646.5)
##$RECO_map_min=( 920 )
@40*(-1.2247448713902076) @40*(-0.0025968048770964661) 
@40*(-440134.54988429637) @40*(-317247.35063874931) 
@40*(-0.0031223323378862366) @40*(-0.0030557157843063218) 
@40*(-0.0030135118627242687) @40*(-0.0011385591156335595) 
@40*(-0.0013055961361571897) @40*(-0.0011189231903285064) 
@40*(-0.003641029367540309) @40*(-0.0026694739014635994) 
@40*(-0.0022126626591771467) @40*(-0.99999118655215047) 
@40*(-0.9999885701571849) @40*(-0.99999937084358892) 
@40*(-0.99999602097635065) @40*(-0.99999076768848527) 
@40*(-0.99999657224969962) @40*(-0.9999967640227837) 
@40*(-0.99999601148647854) @40*(-0.99999251791710053) @40*(-1)
##$RECO_map_max=( 920 )
@40*(1.2247448713902076) @40*(0.0025968048770964661) @40*(440134.54988429637) 
@40*(317247.35063874931) @40*(0.0031223323378862366) 
@40*(0.0030557157843063218) @40*(0.0030135118627242687) 
@40*(0.0011385591156335595) @40*(0.0013055961361571897) 
@40*(0.0011189231903285064) @40*(0.003641029367540309) 
@40*(0.0026694739014635994) @40*(0.0022126626591771467) 
@40*(0.99999118655215047) @40*(0.9999885701571849) @40*(0.99999937084358892) 
@40*(0.99999602097635065) @40*(0.99999076768848527) @40*(0.99999657224969962) 
@40*(0.9999967640227837) @40*(0.99999601148647854) @40*(0.99999251791710053) 
@40*(1)
##$RECO_map_offset=( 920 )
@920*(0)
##$RECO_map_slope=( 920 )
@40*(1753413054.9674332) @40*(826971508502.84131) @40*(4879.1526297231967) 
@40*(6769.1145164056779) @40*(687781893183.6731) @40*(702775977245.37732) 
@40*(712618282032.78955) @40*(1886141542422.2546) @40*(1644829964663.322) 
@40*(1919241342982.1907) @40*(589801242924.53284) @40*(804459502422.02917) 
@40*(970542724889.93616) @40*(2147502573.4019375) @40*(2147508192.1810808) 
@40*(2147484997.6039538) @40*(2147492191.4222164) @40*(2147503472.921041) 
@40*(2147491007.5629463) @40*(2147490595.7306399) @40*(2147492211.801724) 
@40*(2147499714.2708888) @40*(2147483646.5)
##$RECO_byte_order=littleEndian
##$RecoUserUpdate=Yes
##$RecoReverseSegment=40
##$RecoB0DemodOff=0
##$RecoB0DemodDelay=0
##$RecoFTOrder=( 2 )
0 1
##$RecoHalfFTAlgorithm=POCS
##$RecoHalfFT=( 2 )
No Yes
##$RecoHalfFTPos=( 2 )
37 10
##$RecoHalfFTAcq=Yes
##$RecoNoFT=No
##$RecoExportSortedData=No
##$RecoCorrPhase=RecoCorrPhaseOff
##$RecoCorrPhaseRef=-1
##$RECO_map_user_slope=1
##$RECO_map_user_offset=0
##$RecoNumInputChan=1
##$RecoScaleChan=( 1 )
1
##$RecoPhaseChan=( 1 )
0
##$RecoCombineMode=SumOfSquares
##$RecoEncGenInt=3
##$RecoSortDim=3
##$RecoSortSize=( 3 )
40 40 37
##$RecoSortRange=( 3 )
60 40 37
##$RecoSortSegment=( 3 )
40 0 1
##$RecoSortMaps=( 117 )
20 21 22 23 24 25 26 27 28 29 30 31 32 33 34 35 36 37 38 39 40 41 42 43 44 45 
46 47 48 49 50 51 52 53 54 55 56 57 58 59 0 2 4 6 8 10 12 14 16 18 20 22 24 
26 28 30 32 34 36 38 1 3 5 7 9 11 13 15 17 19 21 23 25 27 29 31 33 35 37 39 0 
1 2 3 4 5 6 7 8 9 10 11 12 13 14 15 16 17 18 19 20 21 22 23 24 25 26 27 28 29 
30 31 32 33 34 35 36
##$RecoGrappaCoefficients=( 1 )
0
##$RecoSliceGrappaCoefficients=( 1 )
0
##$RecoGrappaAccelFactor=1
##$RecoGrappaAccelFactor2=1
##$RecoGrappaKernelRead=5
##$RecoGrappaKernelPhase=4
##$RecoGrappaKernelPhase2=4
##$RecoGrappaKernelTime=3
##$RecoGrappaNumRefRead=64
##$RecoGrappaNumRefPhase=0
##$RecoGrappaNumRefPhase2=0
##$RecoGrappaIncludeRefLines=No
##$RecoGrappaFirstRepOnly=No
##$RecoGrappaReadCenter=37
##$RecoGrappaPhaseCenter=0
##$RecoGrappaPhaseCenter2=0
##$RecoGrappaTruncThresh=0.050000000000000003
##$RecoGrappaLambda=0.01
##$RecoGrappaCoefReps=1
##$RecoSliceGrappaAccelFactor=1
##$RecoSliceGrappaBlipValue=1
##$RecoSliceGrappaKernelRead=5
##$RecoSliceGrappaKernelPhase=4
##$RecoSliceGrappaNumRefRead=0
##$RecoSliceGrappaNumRefPhase=0
##$RecoSliceGrappaReadCenter=37
##$RecoSliceGrappaPhaseCenter=0
##$RecoSliceGrappaTruncThresh=0.01
##$RecoSliceGrappaLambda=0.01
##$RecoSliceGrappaOff=No
##$RecoGrappa3D=No
##$RecoGrappaCaipirinha=No
##$RecoGrappaTCaipirinha=No
##$RecoGrappaVirtualCoils=No
##$RecoGrappaVirtualCoilsLambda=2
##$RecoGrappaPeak=No
##$RecoGrappaTimeLoop=No
##$RecoGrappaOne=No
##$RecoGrappaOneLambda=0.10000000000000001
##$RecoSegGrappa=No
##$RecoSegGrappaCalibrateFromB0=No
##$RecoSegGrappaInt=0
##$RecoSegGrappaSegments=1
##$RecoSegGrappaTruncThresh=0.01
##$RecoSegGrappaLambda=0.01
##$RecoSegGrappaLambdaSeg=2
##$RecoItGrappa=1
##$RecoCS=No
##$RecoNnDenoising=No
##$RecoNnCpuOnly=No
##$RecoNnParallelProcessing=1
##$RecoNnDifferenceMode=No
##$RecoNnPatchSizeMax=0
##$RecoNnNdIso=1
##$RecoNnPatchBorder=32
##$RecoNnDenoisingLevel=( 1 )
100
##$RecoNnDataConsistency=( 1 )
0
##$RecoNnDataConsistencyCenter=( 1 )
0
##$RecoNnDataConsistencyRatio=( 1 )
0
##$RecoNnDataConsistencyCenterRatio=( 1 )
0
##$RecoNnDenoisingPre=No
##$RecoNnDenoisingLevelPre=0
##$RecoNnDataConsistencyPre=100
##$RecoNnDataConsistencyCenterPre=100
##$RecoNnDataConsistencyRatioPre=100
##$RecoNnDataConsistencyCenterRatioPre=100
##$RecoRegridN=Off
##$RecoStageNrPasses=4
##$RecoStagePasses=( 4 )
(<FIRSTPASS>, 0) (<FTPASS1>, 1) (<PREPPASS>, 2) (<MAPPASS>, 3)
##$RecoStageNrNodes=39
##$RecoStageNodes=( 39 )
(<job0>, 0, <RecoSharedQueueSource 
Q0{queueId=Job_In0;initQueue=true;appendPsId=true;dim=2;procDim=1;sizes={3000,
30};nr=37;dataRep=SIGNED;baseField=COMPLEX;wordSize=4}>) (<job0>, 0, 
<RecoSharedQueueSink QS{queueId=Job_Out0;initQueue=true;appendPsId=true}>) 
(<job0>, 0, <RecoFileSink 
FS{jobNdx=0;writeAcqPars=true;filename="/opt/nmrdata/PV-360.3.6/data/nmrsu/20250709_115132_K33_K_RAS_1_1/6/rawdata.job0"}>) (<job0>, 0, <RecoProgressMonitorFilter PM{reportScanProgress="1/1"}>) (<job0>, 0, <RecoCastFilter CastToFloatMain{dataRep=FLOAT;wordSize=8}>) (<job0>, 0, <RecoAcqOutFilter Av{displayEachAccumulation=1;displayEachScan=0;displayEachPeStep=0;displayFt=0;magnitudeImage=1;shuffle=0;ftSize=75;size=75;offset=0;cnt=1;ndx=0;procnoPath="/opt/nmrdata/PV-360.3.6/data/nmrsu/20250709_115132_K33_K_RAS_1_1/6/pdata/1/";displayObjects=30;modalityType=1;innerObjects=1;outerObjects=1;average=1;numRecs=1;overlayCurves=0;}>) (<job0>, 0, <RecoCastFilter CastToIntMain{dataRep=SIGNED;wordSize=4}>) (<job0>, 0, <RecoTeeFilter TeeStorage>) (<input>, 0, <RecoFileSource FS0{initFromRawJob=0;procDim=1;numChan=1;contData=true;}>) (<input>, 0, <RecoSharedQueueSink JQ0{queueId=Job_Out0;appendPsId=true;initQueue=true;}>) (<compute>, 0, <RecoSharedQueueSource Q0{initFromJob=0;queueId=Job_Out0;appendPsId=true;}>) (<compute>, 0, <RecoBufferSink S0{procDim=1;frameDim=2;bufferId="FIRSTPASS0";memId="out0"}>) (<compute>, 0, <RecoCastFilter CAST0{dataRep=FLOAT; wordSize=8}>) (<compute>, 0, <RecoReverseFilter REV0{segment=\<RecoReverseSegment\>}>) (<compute>, 0, <RecoZfillFilter Z0{fixedSize=\<RECO_ft_size[0]\>; dataPosition=0; fillingPosition=0.5}>) (<compute>, 0, <RecoFTShiftFilter FTS0{frameDim=2; winDirection=0; shift=\<RECO_rotate[0]\>; exponent=1}>) (<compute>, 0, <RecoFTFilter FT0{direction=0; exponent=1}>) (<compute>, 0, <RecoSortFilter REORD0{sortDim=\<RecoSortDim\>; sortSize=\<RecoSortSize\>; sortRange=\<RecoSortRange\>; sortSegment=\<RecoSortSegment\>; sortMaps=\<RecoSortMaps\>; frameDim = 2}>) (<compute>, 1, <RecoBufferSource Q0{procDim=2;frameDim=2;bufferId="FIRSTPASS0";memId="out0"}>) (<compute>, 1, <RecoBufferSink S0{procDim=2;frameDim=2;bufferId="FTPASS10";memId="in0"}>) (<compute>, 1, <RecoFTShiftFilter FTS0{frameDim=2; winDirection=1; shift=\<RECO_rotate[1]\>; exponent=1}>) (<compute>, 1, <RecoHalfFourierFilter FT0{echoPosition=10;direction=1;exponent=1;algorithm=2;}>) (<compute>, 2, <RecoBufferSource Q0{procDim=4;frameDim=2;bufferId="FTPASS10";memId="in0"}>) (<compute>, 2, <RecoBufferSink S0{procDim=4;frameDim=2;bufferId="PREPPASS0";memId="out0"}>) (<compute>, 2, <RecoPhasCorrFilter PHCORR00{winDirection=0; ph0=0.000000; ph1=180.000000}>) (<compute>, 2, <RecoPhasCorrFilter PHCORR10{winDirection=1; ph0=0.000000; ph1=180.000000}>) (<compute>, 2, <RecoMagnitudeFilter G0>) (<compute>, 2, <RecoMinMaxFilter M0{map_min=\<RECO_map_min\>;map_max=\<RECO_map_max\>;}>) (<compute>, 3, <RecoBufferSource Q0{procDim=2;frameDim=2;bufferId="PREPPASS0";memId="out0"}>) (<compute>, 3, <RecoSharedQueueSink S0{initQueue=true;queueId=RecoComp_Out;appendPsId=true;}>) (<compute>, 3, <RecoCastFilter CAST0{dataRep=SIGNED;wordSize=4}>) (<compute>, 0, <RecoStabCorrFilter NAV0{innerSegments=1;navSize=0;echoSize=75;nEchoes=40;junkSize=0;nSlices=\<NI\>;nSegments=\<PVM_EpiNShots\>;sliding=true;useNav=true;select=0;drift=false;dyncor=0;junkSize0=0;navSize2=0;multiecho=1;amplitude=true;}>) (<compute>, 0, <RecoRegridFilter RGR0{rampForm=5;rampLength=0.363636;ktraject=\<PVM_EpiTrajAdjkx\>;b0traject=\<PVM_EpiTrajAdjb0\>;ksize=75;nechoes=\<PVM_EpiNEchoes\>}>) (<compute>, 0, <RecoEpiGhostFilter EG0{innerSegments=1;nechoes=40;phc=\<PVM_EpiPhaseCorrection[0]\>;nslices=\<NI\>;adjust=0;refecho=11;time=true;center=\<PVM_EpiReadCenter\>;channel=0;maxorder=1;doubleshotadj=0;dyncor=0;usedyn=1;MbNBands=\<PVM_MbEncNBands\>}>) (<compute>, 2, <RecoDTIFilter DTI0{DwBMatImag=\<PVM_DwBMatImag\>; traceWeight=1000.000000;}>) (<compute>, 3, <RecoMapFilter DTIMAP0{symmetricMode=true;minima=\<RECO_minima\>;maxima=\<RECO_maxima\>;slope=\<RECO_map_slope\>;offset=\<RECO_map_offset\>;map_min=\<RECO_map_min\>;map_max=\<RECO_map_max\>;rangeMin=-2147483646.500000;rangeMax=2147483646.500000;perObjectMode=true;cutoffMode=true;commonMapLoop={40,23,1}}>) (<output>, 3, <RecoSharedQueueSource Q{queueId=RecoComp_Out;appendPsId=true;procDim=2;initFromRECO=true;}>) (<output>, 3, <RecoImageDisplayFilter DISP{showAll=1;selectedFrame=\<RecoDisplayFrame\>;modalityType=1;procnoPath="/opt/nmrdata/PV-360.3.6/data/nmrsu/20250716_133539_K37_K_RAS_1_1/6/pdata/3/";}>) (<output>, 3, <RecoFileSink S{writePars=true;shuffle=false;filename="2dseq";numChans=1;}>)
##$RecoStageNrEdges=32
##$RecoStageEdges=( 32 )
(<job0>, 0, <Q0-\>PM>) (<job0>, 0, <PM-\>CastToFloatMain>) (<job0>, 0, 
<CastToFloatMain-\>Av>) (<job0>, 0, <Av-\>CastToIntMain>) (<job0>, 0, 
<CastToIntMain-\>TeeStorage>) (<job0>, 0, <TeeStorage-\>QS>) (<job0>, 0, 
<TeeStorage-\>FS>) (<input>, 0, <FS0-\>JQ0>) (<compute>, 0, <Q0-\>CAST0>) 
(<compute>, 0, <RGR0-\>REV0>) (<compute>, 0, <REV0-\>Z0>) (<compute>, 0, 
<EG0-\>FTS0>) (<compute>, 0, <FTS0-\>FT0>) (<compute>, 0, <FT0-\>REORD0>) 
(<compute>, 0, <REORD0-\>S0>) (<compute>, 1, <Q0-\>FTS0>) (<compute>, 1, 
<FTS0-\>FT0>) (<compute>, 1, <FT0-\>S0>) (<compute>, 2, <Q0-\>PHCORR00>) 
(<compute>, 2, <PHCORR00-\>PHCORR10>) (<compute>, 2, <PHCORR10-\>G0>) 
(<compute>, 2, <G0-\>DTI0>) (<compute>, 2, <M0-\>S0>) (<compute>, 3, 
<DTIMAP0-\>CAST0>) (<compute>, 3, <CAST0-\>S0>) (<compute>, 0, <CAST0-\>NAV0>)
 (<compute>, 0, <NAV0-\>RGR0>) (<compute>, 0, <Z0-\>EG0>) (<compute>, 2, 
<DTI0-\>M0>) (<compute>, 3, <Q0-\>DTIMAP0>) (<output>, 3, <Q-\>DISP>) 
(<output>, 3, <DISP-\>S>)
##$ACQ_SetupRecoDisplay=Yes
##$ACQ_SetupImageType=MAGNITUDE_IMAGE
##$RecoDisplay=Yes
##$RecoEachNR=Yes
##$RecoDisplayFrame=-1
##$RecoPrototype=No
##$RecoGradientLinearityCorrection=No
##$RecoGradientLinearityCorrectionDebug=1
##$RecoGradientLinearityCorrectionApprox=No
$$ @vis= RECO RECO_INSTANCE RECO_time RECO_abs_time RECO_base_image_uid
$$ @vis= RECO_fov RECO_size RecoAutoDerive RecoDim RecoSpatDim
$$ @vis= RecoObjectsPerRepetition RecoObjectsPerSetupStep
$$ @vis= RecoSortObjectsPerRepetition RecoNumRepetitions RecoNumOutputChan
$$ @vis= RecoDescriptionInSliceCount RecoDescriptionSliceCount
$$ @vis= RecoDescriptionOutSliceCount RecoEncodingFrames
$$ @vis= RecoRepetitionGroupSize RECO_inp_order RECO_inp_size RECO_ft_size
$$ @vis= RECO_wdw_mode RECO_ft_mode RECO_pc_mode RECO_pc_lin RECO_rotate
$$ @vis= RECO_transposition RECO_image_type RECO_wordtype RECO_map_mode
$$ @vis= RECO_minima RECO_maxima RECO_map_min RECO_map_max RECO_map_offset
$$ @vis= RECO_map_slope RECO_byte_order RecoModeUser RecoUserUpdate
$$ @vis= RecoB0DemodOff RecoWindow RecoFTOrder RecoHalfFTAlgorithm RecoHalfFT
$$ @vis= RecoHalfFTPos RecoHalfFTAcq RecoNoFT RecoExportSortedData
$$ @vis= RecoCorrPhase RecoCorrPhaseRef RecoMap RecoNumInputChan RecoScaleChan
$$ @vis= RecoPhaseChan RecoCombineMode RecoEncGenInt RecoSortGroup RecoSortDim
$$ @vis= RecoSortSize RecoSortRange RecoSortSegment RecoSortMaps
$$ @vis= RecoGrappaGroup RecoGrappaCoefficients RecoSliceGrappaCoefficients
$$ @vis= RecoGrappaAccelFactor RecoGrappaAccelFactor2 RecoGrappaFirstRepOnly
$$ @vis= RecoGrappaCoefReps RecoSliceGrappaAccelFactor
$$ @vis= RecoSliceGrappaBlipValue RecoSliceGrappaOff RecoGrappa3D
$$ @vis= RecoGrappaCaipirinha RecoGrappaTCaipirinha RecoGrappaOne
$$ @vis= RecoSegGrappa RecoSegGrappaCalibrateFromB0 RecoSegGrappaInt
$$ @vis= RecoSegGrappaSegments RecoItGrappa RecoCSGroup RecoCS RecoNNGroup
$$ @vis= RecoNnDenoising RecoNnCpuOnly RecoNnParallelProcessing
$$ @vis= RecoNnDifferenceMode RecoNnPatchSizeMax RecoNnNdIso RecoNnPatchBorder
$$ @vis= RecoNnDenoisingLevel RecoNnDataConsistency
$$ @vis= RecoNnDataConsistencyCenter RecoNnDataConsistencyRatio
$$ @vis= RecoNnDataConsistencyCenterRatio RecoNnDenoisingPre
$$ @vis= RecoNnDenoisingLevelPre RecoNnDataConsistencyPre
$$ @vis= RecoNnDataConsistencyCenterPre RecoNnDataConsistencyRatioPre
$$ @vis= RecoNnDataConsistencyCenterRatioPre RecoRegridNGroup RecoRegridN
$$ @vis= RecoStageGroup RecoStageNrPasses RecoStagePasses RecoStageNrNodes
$$ @vis= RecoStageNodes RecoStageNrEdges RecoStageEdges RECO_GS
$$ @vis= ACQ_SetupRecoDisplay ACQ_SetupImageType RECO_GO RecoDisplay
$$ @vis= RecoEachNR RecoDisplayFrame RecoPrototype
$$ @vis= RecoGradientLinearityCorrection RecoGradientLinearityCorrectionDebug
$$ @vis= RecoGradientLinearityCorrectionApprox
##END=
$$ File finished by PARX at 2025-07-16 14:30:43.979 +0200
